GEM
  remote: https://rubygems.org/
  specs:
    minitest (5.14.1)
    spy (1.0.0)

PLATFORMS
  ruby

DEPENDENCIES
  minitest
  spy

BUNDLED WITH
   2.1.4
